GIT
  remote: git://github.com/tyler/binary_search.git
  revision: 8994e82dda4d8dd8ac57cbfd03fb8695c50990b1
  specs:
    binary_search (0.3.0)

GEM
  remote: https://rubygems.org/
  specs:
    activesupport (3.2.11)
      i18n (~> 0.6)
      multi_json (~> 1.0)
    bones (3.8.0)
      little-plugger (~> 1.1.3)
      loquacious (~> 1.9.1)
      rake (>= 0.8.7)
    coffee-script (2.2.0)
      coffee-script-source
      execjs
    coffee-script-source (1.6.2)
    daemons (1.1.9)
    diff-lcs (1.1.3)
    eventmachine (1.0.3)
    execjs (1.4.0)
      multi_json (~> 1.0)
    float-formats (0.2.0)
      bones (>= 2.1.1)
      flt (>= 1.0.0)
      flt (>= 1.0.0)
      nio (>= 0.2.0)
      nio (>= 0.2.4)
    flt (1.3.0)
    haml (4.0.3)
      tilt
    i18n (0.6.1)
    json (1.5.5)
    little-plugger (1.1.3)
    loquacious (1.9.1)
    multi_json (1.5.0)
    nio (0.2.5)
      flt (>= 1.0.0)
    rack (1.5.2)
    rack-protection (1.5.0)
      rack
    rake (10.1.0)
    rspec (2.11.0)
      rspec-core (~> 2.11.0)
      rspec-expectations (~> 2.11.0)
      rspec-mocks (~> 2.11.0)
    rspec-core (2.11.1)
    rspec-expectations (2.11.1)
      diff-lcs (~> 1.1.3)
    rspec-mocks (2.11.1)
    sass (3.2.9)
    sinatra (1.4.2)
      rack (~> 1.5, >= 1.5.2)
      rack-protection (~> 1.4)
      tilt (~> 1.3, >= 1.3.4)
    sinatra-twitter-bootstrap (2.3.1.1)
    thin (1.5.1)
      daemons (>= 1.0.9)
      eventmachine (>= 0.12.6)
      rack (>= 1.0.0)
    tilt (1.4.1)

PLATFORMS
  ruby

DEPENDENCIES
  activesupport
  binary_search!
  coffee-script
  float-formats
  haml
  json
  rack
  rspec
  sass
  sinatra
  sinatra-twitter-bootstrap
  thin
